PATH
  remote: .
  specs:
    bitrix24 (0.1.12)

GEM
  remote: https://rubygems.org/
  specs:
    json (2.6.2)
    rake (13.0.6)

PLATFORMS
  x86_64-linux

DEPENDENCIES
  bitrix24!
  json (~> 2.6, >= 2.6.2)
  rake (~> 13.0)

BUNDLED WITH
   2.3.7
