PATH
  remote: .
  specs:
    bitrix24 (0.1.9)

GEM
  remote: https://rubygems.org/
  specs:
    httparty (0.13.7)
      json (~> 1.8)
      multi_xml (>= 0.5.2)
    json (1.8.6)
    multi_xml (0.6.0)
    rake (13.0.6)

PLATFORMS
  x86_64-linux

DEPENDENCIES
  bitrix24!
  httparty (~> 0.13.7)
  json (>= 1.8)
  rake (~> 13.0)

BUNDLED WITH
   2.3.7
